GEM
  remote: https://rubygems.org/
  specs:
    actioncable (7.1.3.2)
      actionpack (= 7.1.3.2)
      activesupport (= 7.1.3.2)
      nio4r (~> 2.0)
      websocket-driver (>= 0.6.1)
      zeitwerk (~> 2.6)
    actionmailbox (7.1.3.2)
      actionpack (= 7.1.3.2)
      activejob (= 7.1.3.2)
      activerecord (= 7.1.3.2)
      activestorage (= 7.1.3.2)
      activesupport (= 7.1.3.2)
      mail (>= 2.7.1)
      net-imap
      net-pop
      net-smtp
    actionmailer (7.1.3.2)
      actionpack (= 7.1.3.2)
      actionview (= 7.1.3.2)
      activejob (= 7.1.3.2)
      activesupport (= 7.1.3.2)
      mail (~> 2.5, >= 2.5.4)
      net-imap
      net-pop
      net-smtp
      rails-dom-testing (~> 2.2)
    actionpack (7.1.3.2)
      actionview (= 7.1.3.2)
      activesupport (= 7.1.3.2)
      nokogiri (>= 1.8.5)
      racc
      rack (>= 2.2.4)
      rack-session (>= 1.0.1)
      rack-test (>= 0.6.3)
      rails-dom-testing (~> 2.2)
      rails-html-sanitizer (~> 1.6)
    actiontext (7.1.3.2)
      actionpack (= 7.1.3.2)
      activerecord (= 7.1.3.2)
      activestorage (= 7.1.3.2)
      activesupport (= 7.1.3.2)
      globalid (>= 0.6.0)
      nokogiri (>= 1.8.5)
    actionview (7.1.3.2)
      activesupport (= 7.1.3.2)
      builder (~> 3.1)
      erubi (~> 1.11)
      rails-dom-testing (~> 2.2)
      rails-html-sanitizer (~> 1.6)
    activejob (7.1.3.2)
      activesupport (= 7.1.3.2)
      globalid (>= 0.3.6)
    activemodel (7.1.3.2)
      activesupport (= 7.1.3.2)
    activerecord (7.1.3.2)
      activemodel (= 7.1.3.2)
      activesupport (= 7.1.3.2)
      timeout (>= 0.4.0)
    activestorage (7.1.3.2)
      actionpack (= 7.1.3.2)
      activejob (= 7.1.3.2)
      activerecord (= 7.1.3.2)
      activesupport (= 7.1.3.2)
      marcel (~> 1.0)
    activesupport (7.1.3.2)
      base64
      bigdecimal
      concurrent-ruby (~> 1.0, >= 1.0.2)
      connection_pool (>= 2.2.5)
      drb
      i18n (>= 1.6, < 2)
      minitest (>= 5.1)
      mutex_m
      tzinfo (~> 2.0)
    addressable (2.8.6)
      public_suffix (>= 2.0.2, < 6.0)
    ast (2.4.2)
    async (2.10.2)
      console (~> 1.10)
      fiber-annotation
      io-event (~> 1.5, >= 1.5.1)
      timers (~> 4.1)
    async-container (0.18.2)
      async (~> 2.10)
    async-http (0.66.2)
      async (>= 2.10.2)
      async-pool (>= 0.6.1)
      io-endpoint (~> 0.10)
      io-stream (~> 0.4)
      protocol-http (~> 0.26.0)
      protocol-http1 (~> 0.19.0)
      protocol-http2 (~> 0.17.0)
      traces (>= 0.10.0)
    async-http-cache (0.4.3)
      async-http (~> 0.56)
    async-pool (0.6.1)
      async (>= 1.25)
    async-service (0.12.0)
      async
      async-container (~> 0.16)
    aws-eventstream (1.3.0)
    aws-partitions (1.923.0)
    aws-sdk-core (3.194.0)
      aws-eventstream (~> 1, >= 1.3.0)
      aws-partitions (~> 1, >= 1.651.0)
      aws-sigv4 (~> 1.8)
      jmespath (~> 1, >= 1.6.1)
    aws-sdk-kms (1.80.0)
      aws-sdk-core (~> 3, >= 3.193.0)
      aws-sigv4 (~> 1.1)
    aws-sdk-s3 (1.149.0)
      aws-sdk-core (~> 3, >= 3.194.0)
      aws-sdk-kms (~> 1)
      aws-sigv4 (~> 1.8)
    aws-sigv4 (1.8.0)
      aws-eventstream (~> 1, >= 1.0.2)
    base64 (0.2.0)
    bigdecimal (3.1.7)
    bootsnap (1.18.3)
      msgpack (~> 1.2)
    builder (3.2.4)
    bullet (7.1.6)
      activesupport (>= 3.0.0)
      uniform_notifier (~> 1.11)
    color-generator (0.0.4)
    concurrent-ruby (1.2.3)
    connection_pool (2.4.1)
    console (1.25.1)
      fiber-annotation
      fiber-local (~> 1.1)
      json
    console-adapter-rails (0.1.5)
      console (~> 1.21)
      rails (>= 6.1)
    counter_culture (3.5.3)
      activerecord (>= 4.2)
      activesupport (>= 4.2)
    crass (1.0.6)
    date (3.3.4)
    debug (1.9.2)
      irb (~> 1.10)
      reline (>= 0.3.8)
    diff-lcs (1.5.1)
    domain_name (0.6.20240107)
    dotenv (2.8.1)
    dotenv-rails (2.8.1)
      dotenv (= 2.8.1)
      railties (>= 3.2)
    drb (2.2.1)
    erubi (1.12.0)
    falcon (0.47.1)
      async
      async-container (~> 0.18)
      async-http (~> 0.66, >= 0.66.2)
      async-http-cache (~> 0.4.0)
      async-service (~> 0.10)
      bundler
      localhost (~> 1.1)
      openssl (~> 3.0)
      process-metrics (~> 0.2.0)
      protocol-rack (~> 0.5)
      samovar (~> 2.3)
    ffi (1.16.3)
    ffi-compiler (1.3.2)
      ffi (>= 1.15.5)
      rake
    fiber-annotation (0.2.0)
    fiber-local (1.1.0)
      fiber-storage
    fiber-storage (0.1.0)
    globalid (1.2.1)
      activesupport (>= 6.1)
    http (5.2.0)
      addressable (~> 2.8)
      base64 (~> 0.1)
      http-cookie (~> 1.0)
      http-form_data (~> 2.2)
      llhttp-ffi (~> 0.5.0)
    http-cookie (1.0.5)
      domain_name (~> 0.5)
    http-form_data (2.3.0)
    i18n (1.14.4)
      concurrent-ruby (~> 1.0)
    io-console (0.7.2)
    io-endpoint (0.10.2)
    io-event (1.5.1)
    io-stream (0.4.0)
    irb (1.13.0)
      rdoc (>= 4.0.0)
      reline (>= 0.4.2)
    jmespath (1.6.2)
    json (2.7.2)
    jwt (2.8.1)
      base64
    language_server-protocol (3.17.0.3)
    llhttp-ffi (0.5.0)
      ffi-compiler (~> 1.0)
      rake (~> 13.0)
    localhost (1.3.1)
    loofah (2.22.0)
      crass (~> 1.0.2)
      nokogiri (>= 1.12.0)
    mail (2.8.1)
      mini_mime (>= 0.1.1)
      net-imap
      net-pop
      net-smtp
    mapping (1.1.1)
    marcel (1.0.4)
    mini_mime (1.1.5)
    mini_portile2 (2.8.6)
    minitest (5.22.3)
    msgpack (1.7.2)
    mutex_m (0.2.0)
    net-imap (0.4.10)
      date
      net-protocol
    net-pop (0.1.2)
      net-protocol
    net-protocol (0.2.2)
      timeout
    net-smtp (0.5.0)
      net-protocol
    nio4r (2.7.1)
    nokogiri (1.14.5)
      mini_portile2 (~> 2.8.0)
      racc (~> 1.4)
    openssl (3.2.0)
    openssl-oaep (0.1.0)
    parallel (1.24.0)
    parallel_tests (4.7.1)
      parallel
    parser (3.3.1.0)
      ast (~> 2.4.1)
      racc
    pg (1.5.6)
    prettier_print (1.2.1)
    process-metrics (0.2.1)
      console (~> 1.8)
      samovar (~> 2.1)
    protocol-hpack (1.4.3)
    protocol-http (0.26.4)
    protocol-http1 (0.19.1)
      protocol-http (~> 0.22)
    protocol-http2 (0.17.0)
      protocol-hpack (~> 1.4)
      protocol-http (~> 0.18)
    protocol-rack (0.5.1)
      protocol-http (~> 0.23)
      rack (>= 1.0)
    psych (5.1.2)
      stringio
    public_suffix (5.0.5)
    puma (6.4.2)
      nio4r (~> 2.0)
    racc (1.7.3)
    rack (3.0.10)
    rack-session (2.0.0)
      rack (>= 3.0.0)
    rack-test (2.1.0)
      rack (>= 1.3)
    rackup (2.1.0)
      rack (>= 3)
      webrick (~> 1.8)
    rails (7.1.3.2)
      actioncable (= 7.1.3.2)
      actionmailbox (= 7.1.3.2)
      actionmailer (= 7.1.3.2)
      actionpack (= 7.1.3.2)
      actiontext (= 7.1.3.2)
      actionview (= 7.1.3.2)
      activejob (= 7.1.3.2)
      activemodel (= 7.1.3.2)
      activerecord (= 7.1.3.2)
      activestorage (= 7.1.3.2)
      activesupport (= 7.1.3.2)
      bundler (>= 1.15.0)
      railties (= 7.1.3.2)
    rails-dom-testing (2.2.0)
      activesupport (>= 5.0.0)
      minitest
      nokogiri (>= 1.6)
    rails-html-sanitizer (1.6.0)
      loofah (~> 2.21)
      nokogiri (~> 1.14)
    railties (7.1.3.2)
      actionpack (= 7.1.3.2)
      activesupport (= 7.1.3.2)
      irb
      rackup (>= 1.0.0)
      rake (>= 12.2)
      thor (~> 1.0, >= 1.2.2)
      zeitwerk (~> 2.6)
    rainbow (3.1.1)
    rake (13.2.1)
    rbnacl (7.1.1)
      ffi
    rdoc (6.6.3.1)
      psych (>= 4.0.0)
    redis (4.8.1)
    redis-client (0.22.1)
      connection_pool
    regexp_parser (2.9.0)
    reline (0.5.5)
      io-console (~> 0.5)
    request_store_rails (2.0.0)
      concurrent-ruby (~> 1.0)
    rexml (3.2.6)
    rspec (3.13.0)
      rspec-core (~> 3.13.0)
      rspec-expectations (~> 3.13.0)
      rspec-mocks (~> 3.13.0)
    rspec-core (3.13.0)
      rspec-support (~> 3.13.0)
    rspec-expectations (3.13.0)
      diff-lcs (>= 1.2.0, < 2.0)
      rspec-support (~> 3.13.0)
    rspec-mocks (3.13.0)
      diff-lcs (>= 1.2.0, < 2.0)
      rspec-support (~> 3.13.0)
    rspec-rails (6.1.2)
      actionpack (>= 6.1)
      activesupport (>= 6.1)
      railties (>= 6.1)
      rspec-core (~> 3.13)
      rspec-expectations (~> 3.13)
      rspec-mocks (~> 3.13)
      rspec-support (~> 3.13)
    rspec-support (3.13.1)
    rubocop (1.63.4)
      json (~> 2.3)
      language_server-protocol (>= 3.17.0)
      parallel (~> 1.10)
      parser (>= 3.3.0.2)
      rainbow (>= 2.2.2, < 4.0)
      regexp_parser (>= 1.8, < 3.0)
      rexml (>= 3.2.5, < 4.0)
      rubocop-ast (>= 1.31.1, < 2.0)
      ruby-progressbar (~> 1.7)
      unicode-display_width (>= 2.4.0, < 3.0)
    rubocop-ast (1.31.3)
      parser (>= 3.3.1.0)
    rubocop-capybara (2.20.0)
      rubocop (~> 1.41)
    rubocop-discourse (3.7.1)
      activesupport (>= 6.1)
      rubocop (>= 1.59.0)
      rubocop-capybara (>= 2.0.0)
      rubocop-factory_bot (>= 2.0.0)
      rubocop-rspec (>= 2.25.0)
    rubocop-factory_bot (2.25.1)
      rubocop (~> 1.41)
    rubocop-rails (2.24.1)
      activesupport (>= 4.2.0)
      rack (>= 1.1)
      rubocop (>= 1.33.0, < 2.0)
      rubocop-ast (>= 1.31.1, < 2.0)
    rubocop-rspec (2.29.2)
      rubocop (~> 1.40)
      rubocop-capybara (~> 2.17)
      rubocop-factory_bot (~> 2.22)
      rubocop-rspec_rails (~> 2.28)
    rubocop-rspec_rails (2.28.3)
      rubocop (~> 1.40)
    ruby-progressbar (1.13.0)
    samovar (2.3.0)
      console (~> 1.0)
      mapping (~> 1.0)
    sentry-rails (5.17.3)
      railties (>= 5.0)
      sentry-ruby (~> 5.17.3)
    sentry-ruby (5.17.3)
      bigdecimal
      concurrent-ruby (~> 1.0, >= 1.0.2)
    sentry-sidekiq (5.17.3)
      sentry-ruby (~> 5.17.3)
      sidekiq (>= 3.0)
    shortuuid (0.6.0)
    sidekiq (7.2.4)
      concurrent-ruby (< 2)
      connection_pool (>= 2.3.0)
      rack (>= 2.2.4)
      redis-client (>= 0.19.0)
    spring (4.2.1)
    stringio (3.1.0)
    syntax_tree (5.3.0)
      prettier_print (>= 1.2.0)
    thor (1.3.1)
    timeout (0.4.1)
    timers (4.3.5)
    traces (0.11.1)
    tzinfo (2.0.6)
      concurrent-ruby (~> 1.0)
    tzinfo-data (1.2024.1)
      tzinfo (>= 1.0.0)
    unicode-display_width (2.5.0)
    uniform_notifier (1.16.0)
    webrick (1.8.1)
    websocket-driver (0.7.6)
      websocket-extensions (>= 0.1.0)
    websocket-extensions (0.1.5)
    zeitwerk (2.6.13)

PLATFORMS
  aarch64-linux
  x64-mingw-ucrt
  x86_64-linux

DEPENDENCIES
  aws-sdk-s3 (~> 1.117)
  bootsnap
  bullet
  color-generator (~> 0.0.4)
  connection_pool (~> 2.3)
  console (~> 1.17)
  console-adapter-rails (~> 0.1.4)
  counter_culture (~> 3.2)
  debug
  dotenv-rails (~> 2.8)
  falcon (~> 0.42)
  http (~> 5.1)
  jwt (~> 2.8)
  nokogiri (~> 1.14.0.rc1)
  openssl-oaep (~> 0.1.0)
  parallel_tests (~> 4.2)
  pg (~> 1.4)
  puma (~> 6.3)
  rails (~> 7.1)
  rbnacl (~> 7.1)
  redis (~> 4.0)
  request_store_rails (~> 2.0)
  rspec (~> 3.12)
  rspec-rails (~> 6.0)
  rubocop (~> 1.42)
  rubocop-discourse (~> 3.0)
  rubocop-rails (~> 2.17)
  sentry-rails (~> 5.10)
  sentry-ruby (~> 5.10)
  sentry-sidekiq (~> 5.10)
  shortuuid (~> 0.6.0)
  sidekiq (~> 7.0)
  spring
  syntax_tree (~> 5.1)
  tzinfo-data

RUBY VERSION
   ruby 3.3.1p55

BUNDLED WITH
   2.4.9
